PATH
  remote: .
  specs:
    ileti_merkezi (1.0.1)
      ox (~> 2.10)

GEM
  remote: https://rubygems.org/
  specs:
    addressable (2.6.0)
      public_suffix (>= 2.0.2, < 4.0)
    ansi (1.5.0)
    ast (2.4.0)
    builder (3.2.3)
    codacy-coverage (2.1.0)
      simplecov
    coderay (1.1.2)
    crack (0.4.3)
      safe_yaml (~> 1.0.0)
    docile (1.3.1)
    dotenv (2.6.0)
    hashdiff (0.3.8)
    jaro_winkler (1.5.2)
    json (2.3.1)
    method_source (0.9.2)
    minitest (5.11.3)
    minitest-focus (1.1.2)
      minitest (>= 4, < 6)
    minitest-reporters (1.3.6)
      ansi
      builder
      minitest (>= 5.0)
      ruby-progressbar
    ox (2.10.0)
    parallel (1.13.0)
    parser (2.6.0.0)
      ast (~> 2.4.0)
    powerpack (0.1.2)
    pry (0.12.2)
      coderay (~> 1.1.0)
      method_source (~> 0.9.0)
    public_suffix (3.0.3)
    rainbow (3.0.0)
    rake (13.0.1)
    rubocop (0.63.1)
      jaro_winkler (~> 1.5.1)
      parallel (~> 1.10)
      parser (>= 2.5, != 2.5.1.1)
      powerpack (~> 0.1)
      rainbow (>= 2.2.2, < 4.0)
      ruby-progressbar (~> 1.7)
      unicode-display_width (~> 1.4.0)
    ruby-progressbar (1.10.0)
    safe_yaml (1.0.4)
    simplecov (0.16.1)
      docile (~> 1.1)
      json (>= 1.8, < 3)
      simplecov-html (~> 0.10.0)
    simplecov-html (0.10.2)
    unicode-display_width (1.4.1)
    vcr (4.0.0)
    webmock (3.5.1)
      addressable (>= 2.3.6)
      crack (>= 0.3.2)
      hashdiff

PLATFORMS
  ruby

DEPENDENCIES
  bundler (~> 1.16)
  codacy-coverage (>= 2.1.0)
  dotenv
  ileti_merkezi!
  minitest (~> 5.8)
  minitest-focus
  minitest-reporters
  pry
  rake (~> 13.0)
  rubocop
  simplecov (>= 0.16.1)
  vcr
  webmock

BUNDLED WITH
   1.17.3
