PATH
  remote: .
  specs:
    ileti_merkezi (1.1.0)
      ox (~> 2.10)

GEM
  remote: https://rubygems.org/
  specs:
    addressable (2.8.0)
      public_suffix (>= 2.0.2, < 5.0)
    ansi (1.5.0)
    ast (2.4.1)
    builder (3.2.4)
    codacy-coverage (2.2.1)
      simplecov
    coderay (1.1.3)
    crack (0.4.3)
      safe_yaml (~> 1.0.0)
    docile (1.3.2)
    dotenv (2.7.6)
    hashdiff (1.0.1)
    method_source (1.0.0)
    minitest (5.14.2)
    minitest-focus (1.2.1)
      minitest (>= 4, < 6)
    minitest-reporters (1.4.2)
      ansi
      builder
      minitest (>= 5.0)
      ruby-progressbar
    ox (2.13.4)
    parallel (1.19.2)
    parser (2.7.1.4)
      ast (~> 2.4.1)
    pry (0.13.1)
      coderay (~> 1.1)
      method_source (~> 1.0)
    public_suffix (4.0.6)
    rainbow (3.0.0)
    rake (13.0.1)
    regexp_parser (1.7.1)
    rexml (3.2.4)
    rubocop (0.91.0)
      parallel (~> 1.10)
      parser (>= 2.7.1.1)
      rainbow (>= 2.2.2, < 4.0)
      regexp_parser (>= 1.7)
      rexml
      rubocop-ast (>= 0.4.0, < 1.0)
      ruby-progressbar (~> 1.7)
      unicode-display_width (>= 1.4.0, < 2.0)
    rubocop-ast (0.4.0)
      parser (>= 2.7.1.4)
    ruby-progressbar (1.10.1)
    safe_yaml (1.0.5)
    simplecov (0.19.0)
      docile (~> 1.1)
      simplecov-html (~> 0.11)
    simplecov-html (0.12.2)
    unicode-display_width (1.7.0)
    vcr (6.0.0)
    webmock (3.9.1)
      addressable (>= 2.3.6)
      crack (>= 0.3.2)
      hashdiff (>= 0.4.0, < 2.0.0)

PLATFORMS
  ruby

DEPENDENCIES
  bundler (~> 1.16)
  codacy-coverage (>= 2.1.0)
  dotenv
  ileti_merkezi!
  minitest (~> 5.8)
  minitest-focus
  minitest-reporters
  pry
  rake (~> 13.0)
  rubocop
  simplecov (>= 0.16.1)
  vcr
  webmock

BUNDLED WITH
   1.17.3
